GEM
  remote: https://rubygems.org/
  specs:
    actionpack (4.1.1)
      actionview (= 4.1.1)
      activesupport (= 4.1.1)
      rack (~> 1.5.2)
      rack-test (~> 0.6.2)
    actionview (4.1.1)
      activesupport (= 4.1.1)
      builder (~> 3.1)
      erubis (~> 2.7.0)
    activemodel (4.1.1)
      activesupport (= 4.1.1)
      builder (~> 3.1)
    activerecord (4.1.1)
      activemodel (= 4.1.1)
      activesupport (= 4.1.1)
      arel (~> 5.0.0)
    activesupport (4.1.1)
      i18n (~> 0.6, >= 0.6.9)
      json (~> 1.7, >= 1.7.7)
      minitest (~> 5.1)
      thread_safe (~> 0.1)
      tzinfo (~> 1.1)
    arel (5.0.1.20140414130214)
    builder (3.2.2)
    columnize (0.3.5)
    debugger (1.2.2)
      columnize (>= 0.3.1)
      debugger-linecache (~> 1.1.1)
      debugger-ruby_core_source (~> 1.1.5)
    debugger-linecache (1.1.2)
      debugger-ruby_core_source (>= 1.1.1)
    debugger-ruby_core_source (1.1.5)
    diff-lcs (1.1.3)
    erubis (2.7.0)
    i18n (0.6.9)
    json (1.8.1)
    linecache (0.46)
      rbx-require-relative (> 0.0.4)
    minitest (5.3.4)
    mocha (0.9.12)
    mysql (2.9.0)
    mysql2 (0.3.11)
    pg (0.12.0)
      rake-compiler (~> 0.7)
    rack (1.5.2)
    rack-test (0.6.2)
      rack (>= 1.0)
    rake (0.9.2.2)
    rake-compiler (0.7.9)
      rake
    rbx-require-relative (0.0.5)
    rspec (2.6.0)
      rspec-core (~> 2.6.0)
      rspec-expectations (~> 2.6.0)
      rspec-mocks (~> 2.6.0)
    rspec-core (2.6.4)
    rspec-expectations (2.6.0)
      diff-lcs (~> 1.1.2)
    rspec-mocks (2.6.0)
    ruby-debug (0.10.4)
      columnize (>= 0.1)
      ruby-debug-base (~> 0.10.4.0)
    ruby-debug-base (0.10.4)
      linecache (>= 0.3)
    sqlite3 (1.3.6)
    thread_safe (0.3.4)
    tzinfo (1.2.0)
      thread_safe (~> 0.1)

PLATFORMS
  ruby

DEPENDENCIES
  actionpack (~> 4.1.1)
  actionview (~> 4.1.1)
  activerecord (~> 4.1.1)
  debugger
  mocha (~> 0.9.8)
  mysql (~> 2.9)
  mysql2 (~> 0.3.10)
  pg (~> 0.11)
  rspec (~> 2.6.0)
  ruby-debug
  sqlite3 (~> 1.3.6)
